NUGET
  remote: https://nuget.org/api/v2
  specs:
    Aether (6.0)
    DotLiquid (1.8.0)
    FsCheck (2.0.1)
      FSharp.Core (>= 3.1.2.1)
    FSharp.Charting (0.90.10)
    FSharp.Core (3.1.2.1)
    FsPickler (1.2.5)
    Fuchu-suave (0.6.1)
      FSharp.Core (>= 3.1.2.1)
    Fuchu-suave.FsCheck (0.6.1)
      FSharp.Core (>= 3.1.2.1)
      FsCheck (>= 1.0.4)
      Fuchu-suave (>= 0.6.1)
    Fuchu-suave.PerfUtil (0.6.1)
      FSharp.Core (>= 3.1.2.1)
      Fuchu-suave (>= 0.6.1)
      PerfUtil (>= 0.1.8)
    Http.fs-prerelease (2.3.0)
      FSharp.Core (>= 3.1.2.1)
    Microsoft.AspNet.Razor (3.2.3) - framework: >= net45
    NuGet.CommandLine (2.8.5)
    openssl.redist (1.0.1.25)
    PerfUtil (0.1.8)
    RazorEngine (3.7.0)
      Microsoft.AspNet.Razor (>= 3.0.0) - framework: >= net45
      Microsoft.AspNet.Razor (2.0.30506.0) - framework: >= net40 < net45
    Topshelf (3.2.0)
    Topshelf.FSharp (2.0.1)
      Topshelf (>= 3.1.3)
    WebSocketSharp (1.0.3-rc8)
