FRAMEWORK: NET45
NUGET
  remote: https://nuget.org/api/v2
  specs:
    Aether (6.0)
    DotLiquid (1.8.0)
    Freya.Core (2.0.194)
      Aether (>= 6.0)
      FSharp.Core (>= 3.1.2.1)
    FsCheck (2.0.5)
      FSharp.Core (>= 3.1.2.5)
    FSharp.Charting (0.90.10)
    FSharp.Core (4.0.0.1)
    FsPickler (1.2.5)
    Fuchu (0.6.0.0)
    Fuchu.FsCheck (0.6.0.0)
      FSharp.Core (>= 3.1.2.1)
      FsCheck (>= 1.0.4)
      Fuchu (>= 0.6.0.0)
    Fuchu.PerfUtil (0.6.0.0)
      FSharp.Core (>= 3.1.2.1)
      Fuchu (>= 0.6.0.0)
      PerfUtil (>= 0.1.8)
    Http.fs-prerelease (2.3.0)
      FSharp.Core (>= 3.1.2.1)
    Microsoft.AspNet.Razor (3.2.3) - framework: >= net45
    NuGet.CommandLine (2.8.5)
    openssl.redist (1.0.1.25)
    PerfUtil (0.1.8)
    RazorEngine (3.7.0)
      Microsoft.AspNet.Razor (>= 3.0.0) - framework: >= net45
    Topshelf (3.2.0)
    Topshelf.FSharp (2.0.1)
      Topshelf (>= 3.1.3)
    WebSocketSharp (1.0.3-rc9)
